ObjectType = Image
ElementType = MET_UCHAR
NDims = 3

DimSize = 512 512 512
ElementSpacing = 1 1 1
ElementSize = 5.6e-6 5.6e-6 5.6e-6
Offset = 0.0 0.0 0.0
ElementDataFile = castle_512.raw
threshold 1 1 